GEM
  remote: https://rubygems.org/
  specs:
    activesupport (4.2.6)
      i18n (~> 0.7)
      json (~> 1.7, >= 1.7.7)
      minitest (~> 5.1)
      thread_safe (~> 0.3, >= 0.3.4)
      tzinfo (~> 1.1)
    business_time (0.7.5)
      activesupport (>= 3.1.0)
      tzinfo
    haml (4.0.7)
      tilt
    i18n (0.7.0)
    icalendar (2.2.2)
    json (1.8.3)
    minitest (5.8.4)
    newrelic_rpm (3.15.1.316)
    puma (3.4.0)
    rack (1.6.4)
    rack-protection (1.5.3)
      rack
    sinatra (1.4.7)
      rack (~> 1.5)
      rack-protection (~> 1.4)
      tilt (>= 1.3, < 3)
    thread_safe (0.3.5)
    tilt (2.0.2)
    tzinfo (1.2.2)
      thread_safe (~> 0.1)

PLATFORMS
  ruby

DEPENDENCIES
  activesupport
  business_time
  haml
  i18n
  icalendar (~> 2.2.2)
  newrelic_rpm
  puma
  sinatra

BUNDLED WITH
   1.11.2
